GEM
  remote: https://rubygems.org/
  specs:
    connection_pool (2.3.0)
    foreman (0.87.2)
    rack (2.2.4)
    rackup (0.1.0)
      rack
      webrick
    redis (4.8.0)
    sidekiq (6.5.7)
      connection_pool (>= 2.2.5)
      rack (~> 2.0)
      redis (>= 4.5.0, < 5)
    webrick (1.7.0)

PLATFORMS
  arm64-darwin
  arm64-darwin-21
  x86_64-darwin
  x86_64-linux

DEPENDENCIES
  foreman (~> 0.87.2)
  rackup (~> 0.1.0)
  sidekiq

BUNDLED WITH
   2.3.13
